GEM
  remote: https://rubygems.org/
  specs:
    minitest (5.5.1)
    minitest-profile (0.0.2)
    rake (10.4.2)

PLATFORMS
  java
  ruby

DEPENDENCIES
  minitest
  minitest-profile
  rake
